GEM
  remote: https://rubygems.org/
  specs:
    rake (13.2.1)
    rake-compiler (1.3.0)
      rake
    rake-compiler-dock (1.9.1)

PLATFORMS
  arm64-darwin-23
  ruby

DEPENDENCIES
  rake-compiler
  rake-compiler-dock

BUNDLED WITH
   2.5.3
